PATH
  remote: .
  specs:
    sinatra-sse (0.1)
      expectation
      sinatra

GEM
  remote: http://rubygems.org/
  specs:
    daemons (1.1.9)
    eventmachine (1.0.0)
    expectation (0.1.1)
    metaclass (0.0.1)
    mocha (0.12.3)
      metaclass (~> 0.0.1)
    multi_json (1.3.6)
    rack (1.4.1)
    rack-protection (1.2.0)
      rack
    rake (0.9.2.2)
    simplecov (0.6.4)
      multi_json (~> 1.0)
      simplecov-html (~> 0.5.3)
    simplecov-html (0.5.3)
    sinatra (1.3.3)
      rack (~> 1.3, >= 1.3.6)
      rack-protection (~> 1.2)
      tilt (~> 1.3, >= 1.3.3)
    test-unit (2.5.1)
    thin (1.5.0)
      daemons (>= 1.0.9)
      eventmachine (>= 0.12.6)
      rack (>= 1.0.0)
    tilt (1.3.3)

PLATFORMS
  ruby

DEPENDENCIES
  mocha
  rake
  simplecov
  sinatra-sse!
  test-unit
  thin
